PATH
  remote: .
  specs:
    formatters (0.0.1)

GEM
  remote: https://rubygems.org/
  specs:
    rake (11.1.1)

PLATFORMS
  ruby

DEPENDENCIES
  bundler (~> 1.6)
  formatters!
  rake
